PATH
  remote: .
  specs:
    deliveree_sdk (1.0.0)
      json (~> 2.1, >= 2.1.0)
      typhoeus (~> 1.0, >= 1.0.1)

GEM
  remote: https://rubygems.org/
  specs:
    ethon (0.12.0)
      ffi (>= 1.3.0)
    ffi (1.11.3)
    json (2.3.0)
    rake (12.0.0)
    typhoeus (1.3.1)
      ethon (>= 0.9.0)
    vcr (3.0.3)

PLATFORMS
  ruby

DEPENDENCIES
  deliveree_sdk!
  rake (~> 12.0.0)
  vcr (~> 3.0, >= 3.0.1)

BUNDLED WITH
   1.17.2
